GEM
  remote: https://rubygems.org/
  specs:
    commander (4.4.3)
      highline (~> 1.7.2)
    highline (1.7.10)
    mini_portile2 (2.8.0)
    nokogiri (1.13.5)
      mini_portile2 (~> 2.8.0)
      racc (~> 1.4)
    racc (1.6.0)

PLATFORMS
  ruby

DEPENDENCIES
  commander
  nokogiri

BUNDLED WITH
   1.12.1
